NUGET
  remote: https://nuget.org/api/v2
  specs:
    NUnit (2.6.4) - framework: >= net451
    System.Windows.Controls.DataVisualization.Toolkit (4.0.0) - framework: >= net46
